PATH
  remote: .
  specs:
    metasploit-framework (4.12.26)
      actionpack (~> 4.2.6)
      activerecord (~> 4.2.6)
      activesupport (~> 4.2.6)
      bcrypt
      bit-struct
      filesize
      jsobfu
      json
      metasm
      metasploit-concern
      metasploit-credential
      metasploit-model
      metasploit-payloads (= 1.1.13)
      metasploit_data_models
      metasploit_payloads-mettle (= 0.0.6)
      msgpack
      nessus_rest
      net-ssh
      network_interface
      nokogiri
      octokit
      openssl-ccm
      openvas-omp
      packetfu
      patch_finder
      pcaprub
      pg
      railties
      rb-readline-r7
      recog
      redcarpet
      rex-arch
      rex-bin_tools
      rex-core
      rex-java
      rex-mime
      rex-nop
      rex-ole
      rex-powershell
      rex-random_identifier
      rex-registry
      rex-rop_builder
      rex-socket
      rex-sslscan
      rex-struct2
      rex-text
      rex-zip
      robots
      rubyntlm
      rubyzip
      sqlite3
      sshkey
      tzinfo
      tzinfo-data
      windows_error

GEM
  remote: https://rubygems.org/
  specs:
    actionpack (4.2.7.1)
      actionview (= 4.2.7.1)
      activesupport (= 4.2.7.1)
      rack (~> 1.6)
      rack-test (~> 0.6.2)
      rails-dom-testing (~> 1.0, >= 1.0.5)
      rails-html-sanitizer (~> 1.0, >= 1.0.2)
    actionview (4.2.7.1)
      activesupport (= 4.2.7.1)
      builder (~> 3.1)
      erubis (~> 2.7.0)
      rails-dom-testing (~> 1.0, >= 1.0.5)
      rails-html-sanitizer (~> 1.0, >= 1.0.2)
    activemodel (4.2.7.1)
      activesupport (= 4.2.7.1)
      builder (~> 3.1)
    activerecord (4.2.7.1)
      activemodel (= 4.2.7.1)
      activesupport (= 4.2.7.1)
      arel (~> 6.0)
    activesupport (4.2.7.1)
      i18n (~> 0.7)
      json (~> 1.7, >= 1.7.7)
      minitest (~> 5.1)
      thread_safe (~> 0.3, >= 0.3.4)
      tzinfo (~> 1.1)
    addressable (2.4.0)
    arel (6.0.3)
    arel-helpers (2.3.0)
      activerecord (>= 3.1.0, < 6)
    aruba (0.14.2)
      childprocess (~> 0.5.6)
      contracts (~> 0.9)
      cucumber (>= 1.3.19)
      ffi (~> 1.9.10)
      rspec-expectations (>= 2.99)
      thor (~> 0.19)
    bcrypt (3.1.11)
    bit-struct (0.15.0)
    builder (3.2.2)
    capybara (2.8.1)
      addressable
      mime-types (>= 1.16)
      nokogiri (>= 1.3.3)
      rack (>= 1.0.0)
      rack-test (>= 0.5.4)
      xpath (~> 2.0)
    childprocess (0.5.9)
      ffi (~> 1.0, >= 1.0.11)
    coderay (1.1.1)
    contracts (0.14.0)
    cucumber (2.4.0)
      builder (>= 2.1.2)
      cucumber-core (~> 1.5.0)
      cucumber-wire (~> 0.0.1)
      diff-lcs (>= 1.1.3)
      gherkin (~> 4.0)
      multi_json (>= 1.7.5, < 2.0)
      multi_test (>= 0.1.2)
    cucumber-core (1.5.0)
      gherkin (~> 4.0)
    cucumber-rails (1.4.4)
      capybara (>= 1.1.2, < 3)
      cucumber (>= 1.3.8, < 3)
      mime-types (>= 1.16, < 4)
      nokogiri (~> 1.5)
      railties (>= 3, < 5.1)
    cucumber-wire (0.0.1)
    diff-lcs (1.2.5)
    docile (1.1.5)
    erubis (2.7.0)
    factory_girl (4.7.0)
      activesupport (>= 3.0.0)
    factory_girl_rails (4.7.0)
      factory_girl (~> 4.7.0)
      railties (>= 3.0.0)
    faraday (0.9.2)
      multipart-post (>= 1.2, < 3)
    ffi (1.9.14)
    filesize (0.1.1)
    fivemat (1.3.2)
    gherkin (4.0.0)
    i18n (0.7.0)
    jsobfu (0.4.1)
      rkelly-remix (= 0.0.6)
    json (1.8.3)
    loofah (2.0.3)
      nokogiri (>= 1.5.9)
    metasm (1.0.2)
    metasploit-concern (2.0.1)
      activemodel (~> 4.2.6)
      activesupport (~> 4.2.6)
      railties (~> 4.2.6)
    metasploit-credential (2.0.3)
      metasploit-concern
      metasploit-model
      metasploit_data_models
      pg
      railties
      rubyntlm
      rubyzip
    metasploit-model (2.0.0)
      activemodel (~> 4.2.6)
      activesupport (~> 4.2.6)
      railties (~> 4.2.6)
    metasploit-payloads (1.1.13)
    metasploit_data_models (2.0.0)
      activerecord (~> 4.2.6)
      activesupport (~> 4.2.6)
      arel-helpers
      metasploit-concern
      metasploit-model
      pg
      postgres_ext
      railties (~> 4.2.6)
      recog (~> 2.0)
    metasploit_payloads-mettle (0.0.6)
    method_source (0.8.2)
    mime-types (3.1)
      mime-types-data (~> 3.2015)
    mime-types-data (3.2016.0521)
    mini_portile2 (2.1.0)
    minitest (5.9.0)
    msgpack (1.0.0)
    multi_json (1.12.1)
    multi_test (0.1.2)
    multipart-post (2.0.0)
    nessus_rest (0.1.4)
    net-ssh (3.2.0)
    network_interface (0.0.1)
    nokogiri (1.6.8)
      mini_portile2 (~> 2.1.0)
      pkg-config (~> 1.1.7)
    octokit (4.3.0)
      sawyer (~> 0.7.0, >= 0.5.3)
    openssl-ccm (1.2.1)
    openvas-omp (0.0.4)
    packetfu (1.1.11)
      network_interface (~> 0.0)
      pcaprub (~> 0.12)
    patch_finder (1.0.2)
    pcaprub (0.12.4)
    pg (0.18.4)
    pg_array_parser (0.0.9)
    pkg-config (1.1.7)
    postgres_ext (3.0.0)
      activerecord (>= 4.0.0)
      arel (>= 4.0.1)
      pg_array_parser (~> 0.0.9)
    pry (0.10.4)
      coderay (~> 1.1.0)
      method_source (~> 0.8.1)
      slop (~> 3.4)
    rack (1.6.4)
    rack-test (0.6.3)
      rack (>= 1.0)
    rails-deprecated_sanitizer (1.0.3)
      activesupport (>= 4.2.0.alpha)
    rails-dom-testing (1.0.7)
      activesupport (>= 4.2.0.beta, < 5.0)
      nokogiri (~> 1.6.0)
      rails-deprecated_sanitizer (>= 1.0.1)
    rails-html-sanitizer (1.0.3)
      loofah (~> 2.0)
    railties (4.2.7.1)
      actionpack (= 4.2.7.1)
      activesupport (= 4.2.7.1)
      rake (>= 0.8.7)
      thor (>= 0.18.1, < 2.0)
    rake (11.2.2)
    rb-readline-r7 (0.5.2.0)
    recog (2.0.22)
      nokogiri
    redcarpet (3.3.4)
    rex-arch (0.1.1)
      rex-text
    rex-bin_tools (0.1.0)
      metasm
      rex-arch
      rex-core
      rex-struct2
      rex-text
    rex-core (0.1.2)
    rex-java (0.1.2)
    rex-mime (0.1.1)
      rex-text
    rex-nop (0.1.0)
      rex-arch
    rex-ole (0.1.2)
      rex-text
    rex-powershell (0.1.64)
      rex-random_identifier
      rex-text
    rex-random_identifier (0.1.0)
      rex-text
    rex-registry (0.1.0)
    rex-rop_builder (0.1.0)
      metasm
      rex-core
      rex-text
    rex-socket (0.1.0)
      rex-core
    rex-sslscan (0.1.0)
      rex-socket
      rex-text
    rex-struct2 (0.1.0)
    rex-text (0.2.1)
    rex-zip (0.1.0)
      rex-text
    rkelly-remix (0.0.6)
    robots (0.10.1)
    rspec-core (3.5.3)
      rspec-support (~> 3.5.0)
    rspec-expectations (3.5.0)
      diff-lcs (>= 1.2.0, < 2.0)
      rspec-support (~> 3.5.0)
    rspec-mocks (3.5.0)
      diff-lcs (>= 1.2.0, < 2.0)
      rspec-support (~> 3.5.0)
    rspec-rails (3.5.2)
      actionpack (>= 3.0)
      activesupport (>= 3.0)
      railties (>= 3.0)
      rspec-core (~> 3.5.0)
      rspec-expectations (~> 3.5.0)
      rspec-mocks (~> 3.5.0)
      rspec-support (~> 3.5.0)
    rspec-support (3.5.0)
    rubyntlm (0.6.0)
    rubyzip (1.2.0)
    sawyer (0.7.0)
      addressable (>= 2.3.5, < 2.5)
      faraday (~> 0.8, < 0.10)
    shoulda-matchers (3.1.1)
      activesupport (>= 4.0.0)
    simplecov (0.12.0)
      docile (~> 1.1.0)
      json (>= 1.8, < 3)
      simplecov-html (~> 0.10.0)
    simplecov-html (0.10.0)
    slop (3.6.0)
    sqlite3 (1.3.11)
    sshkey (1.8.0)
    thor (0.19.1)
    thread_safe (0.3.5)
    timecop (0.8.1)
    tzinfo (1.2.2)
      thread_safe (~> 0.1)
    tzinfo-data (1.2016.6)
      tzinfo (>= 1.0.0)
    windows_error (0.0.2)
    xpath (2.0.0)
      nokogiri (~> 1.3)
    yard (0.9.5)

PLATFORMS
  ruby

DEPENDENCIES
  aruba
  cucumber-rails
  factory_girl_rails
  fivemat
  metasploit-framework!
  octokit (~> 4.0)
  pry
  rake
  redcarpet
  rspec-rails
  shoulda-matchers
  simplecov
  timecop
  yard

BUNDLED WITH
   1.13.1
